GIT
  remote: https://github.com/CocoaPods/CocoaPods.git
  revision: f120f9fabda8bc7bea9995700e358ea22dd71cfe
  specs:
    cocoapods (1.11.2)
      addressable (~> 2.8)
      claide (>= 1.0.2, < 2.0)
      cocoapods-core (= 1.11.2)
      cocoapods-deintegrate (>= 1.0.3, < 2.0)
      cocoapods-downloader (>= 1.4.0, < 2.0)
      cocoapods-plugins (>= 1.0.0, < 2.0)
      cocoapods-search (>= 1.0.0, < 2.0)
      cocoapods-trunk (>= 1.4.0, < 2.0)
      cocoapods-try (>= 1.1.0, < 2.0)
      colored2 (~> 3.1)
      escape (~> 0.0.4)
      fourflusher (>= 2.3.0, < 3.0)
      gh_inspector (~> 1.0)
      molinillo (~> 0.8.0)
      nap (~> 1.0)
      ruby-macho (>= 1.0, < 3.0)
      xcodeproj (>= 1.21.0, < 2.0)

GIT
  remote: https://github.com/CocoaPods/Core.git
  revision: f856fa726812c5a35e6ea664f3acc78285053f7e
  specs:
    cocoapods-core (1.11.2)
      activesupport (>= 5.0, < 7)
      addressable (~> 2.8)
      algoliasearch (~> 1.0)
      concurrent-ruby (~> 1.1)
      fuzzy_match (~> 2.0.4)
      nap (~> 1.0)
      netrc (~> 0.11)
      public_suffix (~> 4.0)
      typhoeus (~> 1.0)

GIT
  remote: https://github.com/CocoaPods/Xcodeproj.git
  revision: 3d1e6d6aa68b17049479da2c95cd3bafb9ed31de
  specs:
    xcodeproj (1.21.0)
      CFPropertyList (>= 2.3.3, < 4.0)
      atomos (~> 0.1.3)
      claide (>= 1.0.2, < 2.0)
      colored2 (~> 3.1)
      nanaimo (~> 0.3.0)
      rexml (~> 3.2.4)

GIT
  remote: https://github.com/orta/cocoapods-keys.git
  revision: fc97c5a31c785254ea79873854868870019540b1
  specs:
    cocoapods-keys (2.2.1)
      dotenv
      osx_keychain

GEM
  remote: https://rubygems.org/
  specs:
    CFPropertyList (3.0.5)
      rexml
    RubyInline (3.12.5)
      ZenTest (~> 4.3)
    ZenTest (4.12.0)
    activesupport (6.1.4.1)
      concurrent-ruby (~> 1.0, >= 1.0.2)
      i18n (>= 1.6, < 2)
      minitest (>= 5.1)
      tzinfo (~> 2.0)
      zeitwerk (~> 2.3)
    addressable (2.8.0)
      public_suffix (>= 2.0.2, < 5.0)
    algoliasearch (1.27.5)
      httpclient (~> 2.8, >= 2.8.3)
      json (>= 1.5.1)
    atomos (0.1.3)
    claide (1.0.3)
    cocoapods-deintegrate (1.0.5)
    cocoapods-downloader (1.5.1)
    cocoapods-plugins (1.0.0)
      nap
    cocoapods-search (1.0.1)
    cocoapods-trunk (1.6.0)
      nap (>= 0.8, < 2.0)
      netrc (~> 0.11)
    cocoapods-try (1.2.0)
    colored2 (3.1.2)
    concurrent-ruby (1.1.9)
    diff-lcs (1.4.4)
    dotenv (2.7.6)
    escape (0.0.4)
    ethon (0.15.0)
      ffi (>= 1.15.0)
    ffi (1.15.4)
    fourflusher (2.3.1)
    fuzzy_match (2.0.4)
    gh_inspector (1.1.3)
    httpclient (2.8.3)
    i18n (1.8.11)
      concurrent-ruby (~> 1.0)
    json (2.6.1)
    minitest (5.14.4)
    molinillo (0.8.0)
    nanaimo (0.3.0)
    nap (1.1.0)
    netrc (0.11.0)
    nokogiri (1.12.5-arm64-darwin)
      racc (~> 1.4)
    osx_keychain (1.0.2)
      RubyInline (~> 3)
    public_suffix (4.0.6)
    racc (1.6.0)
    rack (2.0.9)
    rexml (3.2.5)
    rspec (3.10.0)
      rspec-core (~> 3.10.0)
      rspec-expectations (~> 3.10.0)
      rspec-mocks (~> 3.10.0)
    rspec-core (3.10.1)
      rspec-support (~> 3.10.0)
    rspec-expectations (3.10.1)
      diff-lcs (>= 1.2.0, < 2.0)
      rspec-support (~> 3.10.0)
    rspec-mocks (3.10.2)
      diff-lcs (>= 1.2.0, < 2.0)
      rspec-support (~> 3.10.0)
    rspec-support (3.10.3)
    ruby-macho (2.5.1)
    typhoeus (1.4.0)
      ethon (>= 0.9.0)
    tzinfo (2.0.4)
      concurrent-ruby (~> 1.0)
    zeitwerk (2.5.1)

PLATFORMS
  arm64-darwin-21

DEPENDENCIES
  cocoapods!
  cocoapods-core!
  cocoapods-keys!
  nokogiri
  rack (~> 2.0.1)
  rspec
  xcodeproj!

BUNDLED WITH
   2.2.32
